PATH
  remote: .
  specs:
    cloud-infra-ruby (0.1.0)
      redis

GEM
  remote: https://rubygems.org/
  specs:
    diff-lcs (1.3)
    rake (10.5.0)
    redis (4.2.2)
    rspec (3.8.0)
      rspec-core (~> 3.8.0)
      rspec-expectations (~> 3.8.0)
      rspec-mocks (~> 3.8.0)
    rspec-core (3.8.0)
      rspec-support (~> 3.8.0)
    rspec-expectations (3.8.4)
      diff-lcs (>= 1.2.0, < 2.0)
      rspec-support (~> 3.8.0)
    rspec-mocks (3.8.0)
      diff-lcs (>= 1.2.0, < 2.0)
      rspec-support (~> 3.8.0)
    rspec-support (3.8.2)

PLATFORMS
  ruby
  x86_64-darwin-17

DEPENDENCIES
  bundler (~> 1.16)
  cloud-infra-ruby!
  rake (~> 10.0)
  rspec (~> 3.0)

BUNDLED WITH
   1.16.6
